GEM
  remote: https://rubygems.org/
  specs:
    mime-types (2.1)
    mini_portile (0.5.2)
    nokogiri (1.6.1)
      mini_portile (~> 0.5.0)
    rest-client (1.6.7)
      mime-types (>= 1.16)
    ruby-jmeter (2.11.2)
      nokogiri
      rest-client
    thor (0.18.1)

PLATFORMS
  ruby

DEPENDENCIES
  ruby-jmeter
  thor
